STRATEGY: MIN
RESTRICTION: == net8.0
NUGET
  remote: https://api.nuget.org/v3/index.json
    AWSSDK.Core (3.7.302.17)
    AWSSDK.SQS (3.7.300.56)
      AWSSDK.Core (>= 3.7.302.17 < 4.0)
    Azure.Core (1.38)
      Microsoft.Bcl.AsyncInterfaces (>= 1.1.1)
      System.ClientModel (>= 1.0)
      System.Diagnostics.DiagnosticSource (>= 6.0.1)
      System.Memory.Data (>= 1.0.2)
      System.Numerics.Vectors (>= 4.5)
      System.Text.Encodings.Web (>= 4.7.2)
      System.Text.Json (>= 4.7.2)
      System.Threading.Tasks.Extensions (>= 4.5.4)
    Azure.Identity (1.10.4)
      Azure.Core (>= 1.36)
      Microsoft.Identity.Client (>= 4.56)
      Microsoft.Identity.Client.Extensions.Msal (>= 4.56)
      System.Memory (>= 4.5.4)
      System.Security.Cryptography.ProtectedData (>= 4.7)
      System.Text.Json (>= 4.7.2)
      System.Threading.Tasks.Extensions (>= 4.5.4)
    Be.Vlaanderen.Basisregisters.AggregateSource (9.0.1)
      Be.Vlaanderen.Basisregisters.Utilities.HashCodeCalculator (>= 4.0)
      Be.Vlaanderen.Basisregisters.Utilities.HexByteConvertor (>= 4.0)
      Be.Vlaanderen.Basisregisters.Utilities.ToStringBuilder (>= 4.0)
      Newtonsoft.Json (>= 13.0.3)
      NodaTime (>= 3.1.11)
    Be.Vlaanderen.Basisregisters.Build.Pipeline (7.1)
    Be.Vlaanderen.Basisregisters.CommandHandling (9.0.1)
    Be.Vlaanderen.Basisregisters.CommandHandling.Idempotency (9.0.1)
      Be.Vlaanderen.Basisregisters.CommandHandling (9.0.1)
      Be.Vlaanderen.Basisregisters.Converters.Timestamp (>= 4.0)
      Be.Vlaanderen.Basisregisters.Utilities.HexByteConvertor (>= 4.0)
      Microsoft.Data.SqlClient (>= 5.2)
      Microsoft.EntityFrameworkCore.SqlServer (>= 8.0.2)
      Microsoft.Extensions.Configuration (>= 8.0)
      Microsoft.Extensions.Options.ConfigurationExtensions (>= 8.0)
      Newtonsoft.Json (>= 13.0.3)
    Be.Vlaanderen.Basisregisters.Converters.Timestamp (4.0)
      Newtonsoft.Json (>= 13.0.3)
    Be.Vlaanderen.Basisregisters.Crab (4.0)
      Be.Vlaanderen.Basisregisters.AggregateSource (>= 9.0.1)
      Be.Vlaanderen.Basisregisters.Generators.Guid.Deterministic (>= 4.0)
      GeoJSON.Net (>= 1.2.19)
      Microsoft.Extensions.Logging.Abstractions (>= 8.0)
      NodaTime (>= 3.1.11)
    Be.Vlaanderen.Basisregisters.Generators.Guid.Deterministic (4.0)
    Be.Vlaanderen.Basisregisters.GrAr.Common (21.0)
      Be.Vlaanderen.Basisregisters.AggregateSource (>= 9.0.1)
      Be.Vlaanderen.Basisregisters.CommandHandling (>= 9.0.1)
      NetTopologySuite (>= 2.5)
      NodaTime (>= 3.1.11)
    Be.Vlaanderen.Basisregisters.GrAr.Provenance (21.0)
      Be.Vlaanderen.Basisregisters.CommandHandling (>= 9.0.1)
      Be.Vlaanderen.Basisregisters.Crab (>= 4.0)
      Be.Vlaanderen.Basisregisters.GrAr.Common (21.0)
      Microsoft.CSharp (>= 4.7)
    Be.Vlaanderen.Basisregisters.MessageHandling.AwsSqs.Simple (5.0.1)
      AWSSDK.Core (>= 3.7.302.15)
      AWSSDK.SQS (>= 3.7.300.54)
      Microsoft.Extensions.Logging (>= 8.0)
    Be.Vlaanderen.Basisregisters.TicketingService.Abstractions (2.0)
      System.Text.Json (>= 8.0.3)
    Be.Vlaanderen.Basisregisters.Utilities.HashCodeCalculator (4.0)
    Be.Vlaanderen.Basisregisters.Utilities.HexByteConvertor (4.0)
    Be.Vlaanderen.Basisregisters.Utilities.ToStringBuilder (4.0)
    FluentValidation (11.9)
    GeoJSON.Net (1.2.19)
      Newtonsoft.Json (>= 10.0.2)
    MediatR (12.2)
      MediatR.Contracts (>= 2.0.1 < 3.0)
      Microsoft.Extensions.DependencyInjection.Abstractions (>= 8.0)
    MediatR.Contracts (2.0.1)
    Microsoft.Bcl.AsyncInterfaces (8.0)
    Microsoft.CSharp (4.7)
    Microsoft.Data.SqlClient (5.2)
      Azure.Identity (>= 1.10.3)
      Microsoft.Data.SqlClient.SNI.runtime (>= 5.2)
      Microsoft.Identity.Client (>= 4.56)
      Microsoft.IdentityModel.JsonWebTokens (>= 6.35)
      Microsoft.IdentityModel.Protocols.OpenIdConnect (>= 6.35)
      Microsoft.SqlServer.Server (>= 1.0)
      System.Configuration.ConfigurationManager (>= 8.0)
      System.Runtime.Caching (>= 8.0)
    Microsoft.Data.SqlClient.SNI.runtime (5.2)
    Microsoft.EntityFrameworkCore (8.0.3)
      Microsoft.EntityFrameworkCore.Abstractions (>= 8.0.3)
      Microsoft.EntityFrameworkCore.Analyzers (>= 8.0.3)
      Microsoft.Extensions.Caching.Memory (>= 8.0)
      Microsoft.Extensions.Logging (>= 8.0)
    Microsoft.EntityFrameworkCore.Abstractions (8.0.3)
    Microsoft.EntityFrameworkCore.Analyzers (8.0.3)
    Microsoft.EntityFrameworkCore.Relational (8.0.3)
      Microsoft.EntityFrameworkCore (>= 8.0.3)
      Microsoft.Extensions.Configuration.Abstractions (>= 8.0)
    Microsoft.EntityFrameworkCore.SqlServer (8.0.3)
      Microsoft.Data.SqlClient (>= 5.1.5)
      Microsoft.EntityFrameworkCore.Relational (>= 8.0.3)
    Microsoft.Extensions.Caching.Abstractions (8.0)
      Microsoft.Extensions.Primitives (>= 8.0)
    Microsoft.Extensions.Caching.Memory (8.0)
      Microsoft.Extensions.Caching.Abstractions (>= 8.0)
      Microsoft.Extensions.DependencyInjection.Abstractions (>= 8.0)
      Microsoft.Extensions.Logging.Abstractions (>= 8.0)
      Microsoft.Extensions.Options (>= 8.0)
      Microsoft.Extensions.Primitives (>= 8.0)
    Microsoft.Extensions.Configuration (8.0)
      Microsoft.Extensions.Configuration.Abstractions (>= 8.0)
      Microsoft.Extensions.Primitives (>= 8.0)
    Microsoft.Extensions.Configuration.Abstractions (8.0)
      Microsoft.Extensions.Primitives (>= 8.0)
    Microsoft.Extensions.Configuration.Binder (8.0.1)
      Microsoft.Extensions.Configuration.Abstractions (>= 8.0)
    Microsoft.Extensions.DependencyInjection (8.0)
      Microsoft.Extensions.DependencyInjection.Abstractions (>= 8.0)
    Microsoft.Extensions.DependencyInjection.Abstractions (8.0.1)
    Microsoft.Extensions.Diagnostics (8.0)
      Microsoft.Extensions.Configuration (>= 8.0)
      Microsoft.Extensions.Diagnostics.Abstractions (>= 8.0)
      Microsoft.Extensions.Options.ConfigurationExtensions (>= 8.0)
    Microsoft.Extensions.Diagnostics.Abstractions (8.0)
      Microsoft.Extensions.DependencyInjection.Abstractions (>= 8.0)
      Microsoft.Extensions.Options (>= 8.0)
      System.Diagnostics.DiagnosticSource (>= 8.0)
    Microsoft.Extensions.Http (8.0)
      Microsoft.Extensions.Configuration.Abstractions (>= 8.0)
      Microsoft.Extensions.DependencyInjection.Abstractions (>= 8.0)
      Microsoft.Extensions.Diagnostics (>= 8.0)
      Microsoft.Extensions.Logging (>= 8.0)
      Microsoft.Extensions.Logging.Abstractions (>= 8.0)
      Microsoft.Extensions.Options (>= 8.0)
    Microsoft.Extensions.Http.Polly (8.0.3)
      Microsoft.Extensions.Http (>= 8.0)
      Polly (>= 7.2.4)
      Polly.Extensions.Http (>= 3.0)
    Microsoft.Extensions.Logging (8.0)
      Microsoft.Extensions.DependencyInjection (>= 8.0)
      Microsoft.Extensions.Logging.Abstractions (>= 8.0)
      Microsoft.Extensions.Options (>= 8.0)
    Microsoft.Extensions.Logging.Abstractions (8.0.1)
      Microsoft.Extensions.DependencyInjection.Abstractions (>= 8.0.1)
    Microsoft.Extensions.Options (8.0.2)
      Microsoft.Extensions.DependencyInjection.Abstractions (>= 8.0)
      Microsoft.Extensions.Primitives (>= 8.0)
    Microsoft.Extensions.Options.ConfigurationExtensions (8.0)
      Microsoft.Extensions.Configuration.Abstractions (>= 8.0)
      Microsoft.Extensions.Configuration.Binder (>= 8.0)
      Microsoft.Extensions.DependencyInjection.Abstractions (>= 8.0)
      Microsoft.Extensions.Options (>= 8.0)
      Microsoft.Extensions.Primitives (>= 8.0)
    Microsoft.Extensions.Primitives (8.0)
    Microsoft.Identity.Client (4.59)
      Microsoft.IdentityModel.Abstractions (>= 6.22)
      System.Diagnostics.DiagnosticSource (>= 6.0.1)
    Microsoft.Identity.Client.Extensions.Msal (4.59)
      Microsoft.Identity.Client (>= 4.59)
      System.IO.FileSystem.AccessControl (>= 5.0)
      System.Security.Cryptography.ProtectedData (>= 4.5)
    Microsoft.IdentityModel.Abstractions (7.4)
    Microsoft.IdentityModel.JsonWebTokens (7.4)
      Microsoft.IdentityModel.Tokens (>= 7.4)
    Microsoft.IdentityModel.Logging (7.4)
      Microsoft.IdentityModel.Abstractions (>= 7.4)
    Microsoft.IdentityModel.Protocols (7.4)
      Microsoft.IdentityModel.Logging (>= 7.4)
      Microsoft.IdentityModel.Tokens (>= 7.4)
    Microsoft.IdentityModel.Protocols.OpenIdConnect (7.4)
      Microsoft.IdentityModel.Protocols (>= 7.4)
      System.IdentityModel.Tokens.Jwt (>= 7.4)
    Microsoft.IdentityModel.Tokens (7.4)
      Microsoft.IdentityModel.Logging (>= 7.4)
    Microsoft.SqlServer.Server (1.0)
    NetTopologySuite (2.5)
      System.Memory (>= 4.5.4)
    Newtonsoft.Json (13.0.3)
    NodaTime (3.1.11)
      System.Runtime.CompilerServices.Unsafe (>= 4.7.1)
    Polly (8.3.1)
      Polly.Core (>= 8.3.1)
    Polly.Core (8.3.1)
    Polly.Extensions.Http (3.0)
      Polly (>= 7.1)
    SourceLink.Copy.PdbFiles (2.8.3) - copy_local: true
    SourceLink.Embed.AllSourceFiles (2.8.3) - copy_local: true
    System.ClientModel (1.0)
      System.Memory.Data (>= 1.0.2)
      System.Text.Json (>= 4.7.2)
    System.Configuration.ConfigurationManager (8.0)
      System.Diagnostics.EventLog (>= 8.0)
      System.Security.Cryptography.ProtectedData (>= 8.0)
    System.Diagnostics.DiagnosticSource (8.0)
    System.Diagnostics.EventLog (8.0)
    System.IdentityModel.Tokens.Jwt (7.4)
      Microsoft.IdentityModel.JsonWebTokens (>= 7.4)
      Microsoft.IdentityModel.Tokens (>= 7.4)
    System.IO.FileSystem.AccessControl (5.0)
      System.Security.AccessControl (>= 5.0)
      System.Security.Principal.Windows (>= 5.0)
    System.Memory (4.5.5)
    System.Memory.Data (8.0)
      System.Text.Json (>= 8.0)
    System.Numerics.Vectors (4.5)
    System.Runtime.Caching (8.0)
      System.Configuration.ConfigurationManager (>= 8.0)
    System.Runtime.CompilerServices.Unsafe (6.0)
    System.Security.AccessControl (6.0)
    System.Security.Cryptography.ProtectedData (8.0)
    System.Security.Principal.Windows (5.0)
    System.Text.Encodings.Web (8.0)
    System.Text.Json (8.0.3)
      System.Text.Encodings.Web (>= 8.0)
    System.Threading.Tasks.Extensions (4.5.4)
