RESTRICTION: == net6.0
NUGET
  remote: https://api.nuget.org/v3/index.json
    AWSSDK.Core (3.7.13.18)
    AWSSDK.SQS (3.7.2.117)
      AWSSDK.Core (>= 3.7.13.18 < 4.0)
    Be.Vlaanderen.Basisregisters.AggregateSource (7.0)
      Be.Vlaanderen.Basisregisters.Utilities.HashCodeCalculator (>= 3.0)
      Be.Vlaanderen.Basisregisters.Utilities.HexByteConvertor (>= 3.0)
      Be.Vlaanderen.Basisregisters.Utilities.ToStringBuilder (>= 3.0)
      Newtonsoft.Json (>= 13.0.1)
      NodaTime (>= 3.0.10)
    Be.Vlaanderen.Basisregisters.Build.Pipeline (6.0.5)
      Fake.Core.Environment (>= 5.22)
      Fake.Core.Process (>= 5.22)
      Fake.Core.Target (>= 5.22)
      Fake.DotNet.AssemblyInfoFile (>= 5.22)
      Fake.DotNet.Cli (>= 5.22)
      Fake.DotNet.Paket (>= 5.22)
      Fake.IO.FileSystem (>= 5.22)
      Fake.JavaScript.Npm (>= 5.22)
      Newtonsoft.Json (>= 13.0.1)
    Be.Vlaanderen.Basisregisters.CommandHandling (7.0)
    Be.Vlaanderen.Basisregisters.Crab (3.0)
      Be.Vlaanderen.Basisregisters.AggregateSource (>= 6.0)
      Be.Vlaanderen.Basisregisters.Generators.Guid.Deterministic (>= 3.0.1)
      GeoJSON.Net (>= 1.2.19)
      Microsoft.Extensions.Logging.Abstractions (>= 6.0.1)
      NodaTime (>= 3.0.10)
    Be.Vlaanderen.Basisregisters.Generators.Guid.Deterministic (3.0.1)
    Be.Vlaanderen.Basisregisters.GrAr.Common (17.28)
      Be.Vlaanderen.Basisregisters.AggregateSource (>= 7.0)
      NodaTime (>= 3.0.10)
    Be.Vlaanderen.Basisregisters.GrAr.Provenance (17.28)
      Be.Vlaanderen.Basisregisters.CommandHandling (>= 7.0)
      Be.Vlaanderen.Basisregisters.Crab (>= 3.0)
      Be.Vlaanderen.Basisregisters.GrAr.Common (17.28)
      Microsoft.CSharp (>= 4.7)
    Be.Vlaanderen.Basisregisters.MessageHandling.AwsSqs.Simple (4.3.2)
      AWSSDK.Core (>= 3.7.11.5)
      AWSSDK.SQS (>= 3.7.2.58)
      Microsoft.Extensions.Logging (>= 6.0)
    Be.Vlaanderen.Basisregisters.TicketingService.Abstractions (1.7.11)
    Be.Vlaanderen.Basisregisters.Utilities.HashCodeCalculator (3.0)
    Be.Vlaanderen.Basisregisters.Utilities.HexByteConvertor (3.0)
    Be.Vlaanderen.Basisregisters.Utilities.ToStringBuilder (3.0)
    BlackFox.VsWhere (1.1)
      FSharp.Core (>= 4.2.3)
      Microsoft.Win32.Registry (>= 4.7)
    Fake.Core.CommandLineParsing (5.23)
      FParsec (>= 1.1.1)
      FSharp.Core (>= 6.0)
    Fake.Core.Context (5.23)
      FSharp.Core (>= 6.0)
    Fake.Core.Environment (5.23)
      FSharp.Core (>= 6.0)
    Fake.Core.FakeVar (5.23)
      Fake.Core.Context (>= 5.23)
      FSharp.Core (>= 6.0)
    Fake.Core.Process (5.23)
      Fake.Core.Environment (>= 5.23)
      Fake.Core.FakeVar (>= 5.23)
      Fake.Core.String (>= 5.23)
      Fake.Core.Trace (>= 5.23)
      Fake.IO.FileSystem (>= 5.23)
      FSharp.Core (>= 6.0)
      System.Collections.Immutable (>= 5.0)
    Fake.Core.SemVer (5.23)
      FSharp.Core (>= 6.0)
    Fake.Core.String (5.23)
      FSharp.Core (>= 6.0)
    Fake.Core.Target (5.23)
      Fake.Core.CommandLineParsing (>= 5.23)
      Fake.Core.Context (>= 5.23)
      Fake.Core.Environment (>= 5.23)
      Fake.Core.FakeVar (>= 5.23)
      Fake.Core.Process (>= 5.23)
      Fake.Core.String (>= 5.23)
      Fake.Core.Trace (>= 5.23)
      FSharp.Control.Reactive (>= 5.0.2)
      FSharp.Core (>= 6.0)
    Fake.Core.Tasks (5.23)
      Fake.Core.Trace (>= 5.23)
      FSharp.Core (>= 6.0)
    Fake.Core.Trace (5.23)
      Fake.Core.Environment (>= 5.23)
      Fake.Core.FakeVar (>= 5.23)
      FSharp.Core (>= 6.0)
    Fake.Core.Xml (5.23)
      Fake.Core.String (>= 5.23)
      FSharp.Core (>= 6.0)
    Fake.DotNet.AssemblyInfoFile (5.23)
      Fake.Core.Environment (>= 5.23)
      Fake.Core.String (>= 5.23)
      Fake.Core.Trace (>= 5.23)
      Fake.IO.FileSystem (>= 5.23)
      FSharp.Core (>= 6.0)
    Fake.DotNet.Cli (5.23)
      Fake.Core.Environment (>= 5.23)
      Fake.Core.Process (>= 5.23)
      Fake.Core.String (>= 5.23)
      Fake.Core.Trace (>= 5.23)
      Fake.DotNet.MSBuild (>= 5.23)
      Fake.DotNet.NuGet (>= 5.23)
      Fake.IO.FileSystem (>= 5.23)
      FSharp.Core (>= 6.0)
      Mono.Posix.NETStandard (>= 1.0)
      Newtonsoft.Json (>= 13.0.1)
    Fake.DotNet.MSBuild (5.23)
      BlackFox.VsWhere (>= 1.1)
      Fake.Core.Environment (>= 5.23)
      Fake.Core.Process (>= 5.23)
      Fake.Core.String (>= 5.23)
      Fake.Core.Trace (>= 5.23)
      Fake.IO.FileSystem (>= 5.23)
      FSharp.Core (>= 6.0)
      MSBuild.StructuredLogger (>= 2.1.545)
    Fake.DotNet.NuGet (5.23)
      Fake.Core.Environment (>= 5.23)
      Fake.Core.Process (>= 5.23)
      Fake.Core.SemVer (>= 5.23)
      Fake.Core.String (>= 5.23)
      Fake.Core.Tasks (>= 5.23)
      Fake.Core.Trace (>= 5.23)
      Fake.Core.Xml (>= 5.23)
      Fake.IO.FileSystem (>= 5.23)
      Fake.Net.Http (>= 5.23)
      FSharp.Core (>= 6.0)
      Newtonsoft.Json (>= 13.0.1)
      NuGet.Protocol (>= 5.11)
    Fake.DotNet.Paket (5.23)
      Fake.Core.Process (>= 5.23)
      Fake.Core.String (>= 5.23)
      Fake.Core.Trace (>= 5.23)
      Fake.DotNet.Cli (>= 5.23)
      Fake.IO.FileSystem (>= 5.23)
      FSharp.Core (>= 6.0)
    Fake.IO.FileSystem (5.23)
      Fake.Core.String (>= 5.23)
      FSharp.Core (>= 6.0)
    Fake.JavaScript.Npm (5.23)
      Fake.Core.Environment (>= 5.23)
      Fake.Core.Process (>= 5.23)
      Fake.IO.FileSystem (>= 5.23)
      Fake.Testing.Common (>= 5.23)
      FSharp.Core (>= 6.0)
    Fake.Net.Http (5.23)
      Fake.Core.Trace (>= 5.23)
      FSharp.Core (>= 6.0)
    Fake.Testing.Common (5.23)
      Fake.Core.Trace (>= 5.23)
      FSharp.Core (>= 6.0)
    FParsec (1.1.1)
      FSharp.Core (>= 4.3.4)
    FSharp.Control.Reactive (5.0.5)
      FSharp.Core (>= 4.7.2)
      System.Reactive (>= 5.0 < 6.0)
    FSharp.Core (6.0.6)
    GeoJSON.Net (1.2.19)
      Newtonsoft.Json (>= 10.0.2)
    MediatR (10.0.1)
      MediatR.Contracts (>= 1.0.1)
    MediatR.Contracts (1.0.1)
    Microsoft.Build (17.3.1)
      Microsoft.Build.Framework (>= 17.3.1)
      Microsoft.NET.StringTools (>= 17.3.1)
      System.Collections.Immutable (>= 6.0)
      System.Configuration.ConfigurationManager (>= 6.0)
      System.Reflection.Metadata (>= 6.0)
      System.Reflection.MetadataLoadContext (>= 6.0)
      System.Security.Principal.Windows (>= 5.0)
      System.Text.Encoding.CodePages (>= 6.0)
      System.Text.Json (>= 6.0)
      System.Threading.Tasks.Dataflow (>= 6.0)
    Microsoft.Build.Framework (17.3.1)
      System.Security.Permissions (>= 6.0)
    Microsoft.Build.Tasks.Core (17.3.1)
      Microsoft.Build.Framework (>= 17.3.1)
      Microsoft.Build.Utilities.Core (>= 17.3.1)
      Microsoft.NET.StringTools (>= 17.3.1)
      System.CodeDom (>= 6.0)
      System.Collections.Immutable (>= 6.0)
      System.Reflection.Metadata (>= 6.0)
      System.Resources.Extensions (>= 6.0)
      System.Security.Cryptography.Pkcs (>= 6.0.1)
      System.Security.Cryptography.Xml (>= 6.0)
      System.Security.Permissions (>= 6.0)
      System.Threading.Tasks.Dataflow (>= 6.0)
    Microsoft.Build.Utilities.Core (17.3.1)
      Microsoft.Build.Framework (>= 17.3.1)
      Microsoft.NET.StringTools (>= 17.3.1)
      System.Collections.Immutable (>= 6.0)
      System.Configuration.ConfigurationManager (>= 6.0)
    Microsoft.CSharp (4.7)
    Microsoft.Extensions.DependencyInjection (6.0.1)
      Microsoft.Extensions.DependencyInjection.Abstractions (>= 6.0)
      System.Runtime.CompilerServices.Unsafe (>= 6.0)
    Microsoft.Extensions.DependencyInjection.Abstractions (6.0)
    Microsoft.Extensions.Logging (6.0)
      Microsoft.Extensions.DependencyInjection (>= 6.0)
      Microsoft.Extensions.DependencyInjection.Abstractions (>= 6.0)
      Microsoft.Extensions.Logging.Abstractions (>= 6.0)
      Microsoft.Extensions.Options (>= 6.0)
      System.Diagnostics.DiagnosticSource (>= 6.0)
    Microsoft.Extensions.Logging.Abstractions (6.0.2)
    Microsoft.Extensions.Options (6.0)
      Microsoft.Extensions.DependencyInjection.Abstractions (>= 6.0)
      Microsoft.Extensions.Primitives (>= 6.0)
    Microsoft.Extensions.Primitives (6.0)
      System.Runtime.CompilerServices.Unsafe (>= 6.0)
    Microsoft.NET.StringTools (17.3.1)
      System.Memory (>= 4.5.5)
      System.Runtime.CompilerServices.Unsafe (>= 6.0)
    Microsoft.Win32.Registry (5.0)
      System.Security.AccessControl (>= 5.0)
      System.Security.Principal.Windows (>= 5.0)
    Microsoft.Win32.SystemEvents (6.0.1)
    Mono.Posix.NETStandard (1.0)
    MSBuild.StructuredLogger (2.1.669)
      Microsoft.Build (>= 16.10)
      Microsoft.Build.Framework (>= 16.10)
      Microsoft.Build.Tasks.Core (>= 16.10)
      Microsoft.Build.Utilities.Core (>= 16.10)
    Newtonsoft.Json (13.0.1)
    NodaTime (3.1.3)
      System.Runtime.CompilerServices.Unsafe (>= 4.7.1)
    NuGet.Common (6.3)
      NuGet.Frameworks (>= 6.3)
    NuGet.Configuration (6.3)
      NuGet.Common (>= 6.3)
      System.Security.Cryptography.ProtectedData (>= 4.4)
    NuGet.Frameworks (6.3)
    NuGet.Packaging (6.3)
      Newtonsoft.Json (>= 13.0.1)
      NuGet.Configuration (>= 6.3)
      NuGet.Versioning (>= 6.3)
      System.Security.Cryptography.Cng (>= 5.0)
      System.Security.Cryptography.Pkcs (>= 5.0)
    NuGet.Protocol (6.3)
      NuGet.Packaging (>= 6.3)
    NuGet.Versioning (6.3)
    SourceLink.Copy.PdbFiles (2.8.3) - copy_local: true
    SourceLink.Embed.AllSourceFiles (2.8.3) - copy_local: true
    System.CodeDom (6.0)
    System.Collections.Immutable (6.0)
      System.Runtime.CompilerServices.Unsafe (>= 6.0)
    System.Configuration.ConfigurationManager (6.0.1)
      System.Security.Cryptography.ProtectedData (>= 6.0)
      System.Security.Permissions (>= 6.0)
    System.Diagnostics.DiagnosticSource (6.0)
      System.Runtime.CompilerServices.Unsafe (>= 6.0)
    System.Drawing.Common (6.0)
      Microsoft.Win32.SystemEvents (>= 6.0)
    System.Formats.Asn1 (6.0)
    System.Memory (4.5.5)
    System.Reactive (5.0)
    System.Reflection.Metadata (6.0.1)
      System.Collections.Immutable (>= 6.0)
    System.Reflection.MetadataLoadContext (6.0)
      System.Collections.Immutable (>= 6.0)
      System.Reflection.Metadata (>= 6.0)
    System.Resources.Extensions (6.0)
    System.Runtime.CompilerServices.Unsafe (6.0)
    System.Security.AccessControl (6.0)
    System.Security.Cryptography.Cng (5.0)
      System.Formats.Asn1 (>= 5.0)
    System.Security.Cryptography.Pkcs (6.0.1)
      System.Formats.Asn1 (>= 6.0)
    System.Security.Cryptography.ProtectedData (6.0)
    System.Security.Cryptography.Xml (6.0.1)
      System.Security.AccessControl (>= 6.0)
      System.Security.Cryptography.Pkcs (>= 6.0.1)
    System.Security.Permissions (6.0)
      System.Security.AccessControl (>= 6.0)
      System.Windows.Extensions (>= 6.0)
    System.Security.Principal.Windows (5.0)
    System.Text.Encoding.CodePages (6.0)
      System.Runtime.CompilerServices.Unsafe (>= 6.0)
    System.Text.Encodings.Web (6.0)
      System.Runtime.CompilerServices.Unsafe (>= 6.0)
    System.Text.Json (6.0.6)
      System.Runtime.CompilerServices.Unsafe (>= 6.0)
      System.Text.Encodings.Web (>= 6.0)
    System.Threading.Tasks.Dataflow (6.0)
    System.Windows.Extensions (6.0)
      System.Drawing.Common (>= 6.0)
